GEM
  remote: https://rubygems.org/
  specs:
    activesupport (4.1.0)
      i18n (~> 0.6, >= 0.6.9)
      json (~> 1.7, >= 1.7.7)
      minitest (~> 5.1)
      thread_safe (~> 0.1)
      tzinfo (~> 1.1)
    i18n (0.6.9)
    json (1.8.1)
    minitest (5.3.3)
    rack (1.4.4)
    rack-protection (1.3.2)
      rack
    shotgun (0.9)
      rack (>= 1.0)
    simple-navigation (3.13.0)
      activesupport (>= 2.3.2)
    sinatra (1.3.3)
      rack (~> 1.3, >= 1.3.6)
      rack-protection (~> 1.2)
      tilt (~> 1.3, >= 1.3.3)
    sinatra-simple-navigation (3.7.0)
      simple-navigation (>= 3.12.0)
    thread_safe (0.3.3)
    tilt (1.3.3)
    tzinfo (1.1.0)
      thread_safe (~> 0.1)

PLATFORMS
  ruby

DEPENDENCIES
  rack
  shotgun
  sinatra
  sinatra-simple-navigation
